PATH
  remote: .
  specs:
    bb-ruby (1.2.1)

GEM
  remote: https://rubygems.org/
  specs:
    rake (10.1.0)

PLATFORMS
  ruby

DEPENDENCIES
  bb-ruby!
  rake
